GEM
  remote: http://rubygems.org/
  specs:
    happymapper (0.3.2)
      libxml-ruby (~> 1.1.3)
    libxml-ruby (1.1.4)
    mocha (0.9.12)

PLATFORMS
  ruby

DEPENDENCIES
  happymapper
  mocha
